PATH
  remote: .
  specs:
    license_audit (0.0.1)
      license_finder (>= 6.10)
      rainbow (~> 3.0.0)
      rubyzip (~> 2.0)
      thor (~> 1.0)

GEM
  remote: https://rubygems.org/
  specs:
    ast (2.4.1)
    license_finder (6.10.0)
      bundler
      rubyzip (>= 1, < 3)
      thor (~> 1.0.1)
      tomlrb (>= 1.3, < 2.1)
      with_env (= 1.1.0)
      xml-simple (~> 1.1.5)
    parallel (1.19.2)
    parser (2.7.2.0)
      ast (~> 2.4.1)
    powerpack (0.1.3)
    rainbow (3.0.0)
    rubocop (0.55.0)
      parallel (~> 1.10)
      parser (>= 2.5)
      powerpack (~> 0.1)
      rainbow (>= 2.2.2, < 4.0)
      ruby-progressbar (~> 1.7)
      unicode-display_width (~> 1.0, >= 1.0.1)
    ruby-progressbar (1.10.1)
    rubyzip (2.3.0)
    thor (1.0.1)
    tomlrb (2.0.0)
    unicode-display_width (1.7.0)
    with_env (1.1.0)
    xml-simple (1.1.5)

PLATFORMS
  ruby

DEPENDENCIES
  bundler (>= 1.13)
  license_audit!
  parallel (< 1.20.0)
  rubocop (~> 0.55.0)

BUNDLED WITH
   2.1.4
